PATH
  remote: .
  specs:
    has_states (1.1.0)

GEM
  remote: https://rubygems.org/
  specs:
    metaclass (0.0.4)
    minitest (5.7.0)
    mocha (1.1.0)
      metaclass (~> 0.0.1)
    rake (10.4.2)

PLATFORMS
  ruby

DEPENDENCIES
  bundler (~> 1.10)
  has_states!
  minitest
  mocha
  rake (~> 10.0)

BUNDLED WITH
   1.10.6
